GEM
  remote: https://rubygems.org/
  specs:
    addressable (2.8.7)
      public_suffix (>= 2.0.2, < 7.0)
    bigdecimal (3.1.8)
    crack (1.0.0)
      bigdecimal
      rexml
    dotenv (3.1.2)
    hashdiff (1.1.0)
    json (2.7.2)
    minitest (5.23.1)
    net-http (0.4.1)
      uri
    public_suffix (6.0.0)
    rexml (3.3.1)
      strscan
    strscan (3.1.0)
    uri (0.13.0)
    webmock (3.23.1)
      addressable (>= 2.8.0)
      crack (>= 0.3.2)
      hashdiff (>= 0.4.0, < 2.0.0)

PLATFORMS
  x86_64-linux

DEPENDENCIES
  dotenv
  json
  minitest
  net-http
  uri
  webmock

BUNDLED WITH
   2.4.6
